PATH
  remote: .
  specs:
    datadog-exporter (0.1.0)
      faraday (>= 2.0.0)

GEM
  remote: https://rubygems.org/
  specs:
    faraday (2.12.0)
      faraday-net_http (>= 2.0, < 3.4)
      json
      logger
    faraday-net_http (3.3.0)
      net-http
    json (2.7.2)
    logger (1.6.1)
    net-http (0.4.1)
      uri
    uri (0.13.1)

PLATFORMS
  arm64-darwin-21
  arm64-darwin-23

DEPENDENCIES
  datadog-exporter!

BUNDLED WITH
   2.4.5
